PATH
  remote: .
  specs:
    git-whence (0.2.1)

GEM
  remote: https://rubygems.org/
  specs:
    bump (0.7.0)
    maxitest (3.2.0)
      minitest (>= 5.0.0, < 5.12.0)
    metaclass (0.0.4)
    minitest (5.11.3)
    mocha (1.8.0)
      metaclass (~> 0.0.1)
    rake (12.3.1)
    rubinjam (0.7.1)
      bundler

PLATFORMS
  ruby

DEPENDENCIES
  bump
  git-whence!
  maxitest
  mocha
  rake
  rubinjam

BUNDLED WITH
   1.17.3
