PATH
  remote: .
  specs:
    git-whence (0.4.0)

GEM
  remote: https://rubygems.org/
  specs:
    bump (0.10.0)
    maxitest (5.5.0)
      minitest (>= 5.14.0, < 5.24.0)
    minitest (5.23.1)
    mocha (2.4.0)
      ruby2_keywords (>= 0.0.5)
    rake (13.2.1)
    rubinjam (0.7.1)
      bundler
    ruby2_keywords (0.0.5)

PLATFORMS
  ruby

DEPENDENCIES
  bump
  git-whence!
  maxitest
  mocha
  rake
  rubinjam

BUNDLED WITH
   2.5.14
