PATH
  remote: .
  specs:
    git-whence (0.1.3)

GEM
  remote: https://rubygems.org/
  specs:
    bump (0.6.1)
    diff-lcs (1.3)
    rake (12.3.1)
    rspec (2.99.0)
      rspec-core (~> 2.99.0)
      rspec-expectations (~> 2.99.0)
      rspec-mocks (~> 2.99.0)
    rspec-core (2.99.2)
    rspec-expectations (2.99.2)
      diff-lcs (>= 1.1.3, < 2.0)
    rspec-mocks (2.99.4)
    rubinjam (0.7.1)
      bundler

PLATFORMS
  ruby

DEPENDENCIES
  bump
  git-whence!
  rake
  rspec (~> 2)
  rubinjam

BUNDLED WITH
   1.16.1
